PATH
  remote: .
  specs:
    ios_goodies_new_issue (0.1.0)
      octokit (~> 4.3.0)

GEM
  remote: https://rubygems.org/
  specs:
    addressable (2.4.0)
    faraday (0.9.2)
      multipart-post (>= 1.2, < 3)
    multipart-post (2.0.0)
    octokit (4.3.0)
      sawyer (~> 0.7.0, >= 0.5.3)
    sawyer (0.7.0)
      addressable (>= 2.3.5, < 2.5)
      faraday (~> 0.8, < 0.10)

PLATFORMS
  ruby

DEPENDENCIES
  ios_goodies_new_issue!

BUNDLED WITH
   1.10.6
